GEM
  remote: http://rubygems.org/
  specs:
    addressable (2.7.0)
      public_suffix (>= 2.0.2, < 5.0)
    backports (3.18.1)
    builder (3.2.4)
    capybara (2.14.1)
      addressable
      mime-types (>= 1.16)
      nokogiri (>= 1.3.3)
      rack (>= 1.0.0)
      rack-test (>= 0.5.4)
      xpath (~> 2.0)
    childprocess (0.9.0)
      ffi (~> 1.0, >= 1.0.11)
    coderay (1.1.3)
    concurrent-ruby (1.1.6)
    cucumber (3.1.0)
      builder (>= 2.1.2)
      cucumber-core (~> 3.1.0)
      cucumber-expressions (~> 5.0.4)
      cucumber-wire (~> 0.0.1)
      diff-lcs (~> 1.3)
      gherkin (~> 5.0)
      multi_json (>= 1.7.5, < 2.0)
      multi_test (>= 0.1.2)
    cucumber-core (3.1.0)
      backports (>= 3.8.0)
      cucumber-tag_expressions (~> 1.1.0)
      gherkin (>= 5.0.0)
    cucumber-expressions (5.0.18)
    cucumber-tag_expressions (1.1.1)
    cucumber-wire (0.0.1)
    data_magic (1.2)
      faker (>= 1.1.2)
      yml_reader (>= 0.6)
    diff-lcs (1.4.4)
    faker (2.13.0)
      i18n (>= 1.6, < 2)
    ffaker (2.15.0)
    ffi (1.13.1-x64-mingw32)
    gherkin (5.1.0)
    i18n (1.8.3)
      concurrent-ruby (~> 1.0)
    method_source (0.8.2)
    mime-types (3.3.1)
      mime-types-data (~> 3.2015)
    mime-types-data (3.2020.0512)
    mini_portile2 (2.4.0)
    multi_json (1.14.1)
    multi_test (0.1.2)
    nokogiri (1.10.9-x64-mingw32)
      mini_portile2 (~> 2.4.0)
    page-object (2.2)
      page_navigation (>= 0.10)
      selenium-webdriver (~> 3.0)
      watir (~> 6.0)
    page_navigation (0.10)
      data_magic (>= 0.22)
    parallel (1.19.2)
    parallel_tests (3.0.0)
      parallel
    pry (0.10.4)
      coderay (~> 1.1.0)
      method_source (~> 0.8.1)
      slop (~> 3.4)
    public_suffix (4.0.5)
    rack (2.2.3)
    rack-test (1.1.0)
      rack (>= 1.0, < 3)
    rake (13.0.1)
    rspec (3.9.0)
      rspec-core (~> 3.9.0)
      rspec-expectations (~> 3.9.0)
      rspec-mocks (~> 3.9.0)
    rspec-core (3.9.2)
      rspec-support (~> 3.9.3)
    rspec-expectations (3.9.2)
      diff-lcs (>= 1.2.0, < 2.0)
      rspec-support (~> 3.9.0)
    rspec-mocks (3.9.1)
      diff-lcs (>= 1.2.0, < 2.0)
      rspec-support (~> 3.9.0)
    rspec-support (3.9.3)
    rubyzip (1.3.0)
    selenium-webdriver (3.4.0)
      childprocess (~> 0.5)
      rubyzip (~> 1.0)
      websocket (~> 1.0)
    slop (3.6.0)
    watir (6.5.0)
      selenium-webdriver (~> 3.0)
    websocket (1.2.8)
    xpath (2.1.0)
      nokogiri (~> 1.3)
    yml_reader (0.7)

PLATFORMS
  x64-mingw32

DEPENDENCIES
  capybara (= 2.14.1)
  cucumber (= 3.1.0)
  faker
  ffaker
  page-object
  parallel_tests
  pry (= 0.10.4)
  rake
  rspec
  selenium-webdriver (= 3.4.0)

BUNDLED WITH
   2.1.4
